GEM
  remote: https://rubygems.org/
  specs:
    io-console (0.8.0)

PLATFORMS
  ruby
  x86_64-linux-gnu

DEPENDENCIES
  io-console

BUNDLED WITH
   2.5.23
